GEM
  remote: https://rubygems.org/
  specs:
    json (1.8.3)
    rake (11.1.2)
    rdoc (4.2.2)
      json (~> 1.4)

PLATFORMS
  ruby

DEPENDENCIES
  rake
  rdoc

BUNDLED WITH
   1.11.2
